GEM
  remote: https://rubygems.org/
  specs:
    rake (13.0.6)

PLATFORMS
  arm64-darwin-22

DEPENDENCIES
  rake

RUBY VERSION
   ruby 3.2.2p53

BUNDLED WITH
   2.4.18
